GEM
  remote: https://rubygems.org/
  specs:
    aws-eventstream (1.0.1)
    aws-partitions (1.96.0)
    aws-sdk-core (3.22.1)
      aws-eventstream (~> 1.0)
      aws-partitions (~> 1.0)
      aws-sigv4 (~> 1.0)
      jmespath (~> 1.0)
    aws-sdk-lambda (1.8.0)
      aws-sdk-core (~> 3)
      aws-sigv4 (~> 1.0)
    aws-sigv4 (1.0.3)
    dotenv (2.5.0)
    jmespath (1.4.0)

PLATFORMS
  ruby

DEPENDENCIES
  aws-sdk-lambda (~> 1.8)
  dotenv (~> 2.5)

BUNDLED WITH
   1.14.6
